PATH
  remote: .
  specs:
    puppet-metrics (0.0.1)
      puppet (~> 4.0)

GEM
  remote: https://rubygems.org/
  specs:
    CFPropertyList (2.2.8)
    facter (2.4.6)
      CFPropertyList (~> 2.2.6)
    hiera (3.2.1)
    json_pure (1.8.3)
    puppet (4.6.2)
      CFPropertyList (~> 2.2.6)
      facter (> 2.0, < 4)
      hiera (>= 2.0, < 4)
      json_pure (~> 1.8)

PLATFORMS
  ruby

DEPENDENCIES
  puppet-metrics!

BUNDLED WITH
   1.10.6
